GIT
  remote: git@github.com:DatabaseCleaner/database_cleaner.git
  revision: 3e9ec6dd5e5b7ad716ee2e99fb2a8965c3a9e907
  branch: 2-0
  specs:
    database_cleaner (2.0.0)

PATH
  remote: .
  specs:
    database_cleaner-sequel (2.0.0)

GEM
  remote: https://rubygems.org/
  specs:
    abstract (1.0.0)
    actionpack (3.0.0)
      activemodel (= 3.0.0)
      activesupport (= 3.0.0)
      builder (~> 2.1.2)
      erubis (~> 2.6.6)
      i18n (~> 0.4.1)
      rack (~> 1.2.1)
      rack-mount (~> 0.6.12)
      rack-test (~> 0.5.4)
      tzinfo (~> 0.3.23)
    activemodel (3.0.0)
      activesupport (= 3.0.0)
      builder (~> 2.1.2)
      i18n (~> 0.4.1)
    activesupport (3.0.0)
    bson (1.11.1)
    bson (1.11.1-java)
    bson_ext (1.11.1)
      bson (~> 1.11.1)
    builder (2.1.2)
    coderay (1.1.0)
    cucumber (1.2.1)
      builder (>= 2.1.2)
      diff-lcs (>= 1.1.3)
      gherkin (~> 2.11.0)
      json (>= 1.4.6)
    diff-lcs (1.2.5)
    erubis (2.6.6)
      abstract (>= 1.0.0)
    ffi (1.9.6)
    ffi (1.9.6-java)
    formatador (0.2.5)
    gherkin (2.11.6)
      json (>= 1.7.6)
    gherkin (2.11.6-java)
      json (>= 1.7.6)
    guard (1.8.3)
      formatador (>= 0.2.4)
      listen (~> 1.3)
      lumberjack (>= 1.0.2)
      pry (>= 0.9.10)
      thor (>= 0.14.6)
    guard-rspec (2.5.4)
      guard (>= 1.1)
      rspec (~> 2.11)
    i18n (0.4.2)
    json (1.8.1)
    json (1.8.1-java)
    listen (1.3.1)
      rb-fsevent (>= 0.9.3)
      rb-inotify (>= 0.9)
      rb-kqueue (>= 0.2)
    lumberjack (1.0.9)
    method_source (0.8.2)
    mongo_ext (0.19.3)
    mysql (2.9.1)
    mysql2 (0.3.18)
    pg (0.18.2)
    pry (0.10.1)
      coderay (~> 1.1.0)
      method_source (~> 0.8.1)
      slop (~> 3.4)
    pry (0.10.1-java)
      coderay (~> 1.1.0)
      method_source (~> 0.8.1)
      slop (~> 3.4)
      spoon (~> 0.0)
    rack (1.2.8)
    rack-mount (0.6.14)
      rack (>= 1.0.0)
    rack-test (0.5.7)
      rack (>= 1.0)
    railties (3.0.0)
      actionpack (= 3.0.0)
      activesupport (= 3.0.0)
      rake (>= 0.8.4)
      thor (~> 0.14.0)
    rake (11.1.2)
    rb-fsevent (0.9.4)
    rb-inotify (0.9.5)
      ffi (>= 0.5.0)
    rb-kqueue (0.2.3)
      ffi (>= 0.5.0)
    rspec (2.14.1)
      rspec-core (~> 2.14.0)
      rspec-expectations (~> 2.14.0)
      rspec-mocks (~> 2.14.0)
    rspec-core (2.14.8)
    rspec-expectations (2.14.5)
      diff-lcs (>= 1.1.3, < 2.0)
    rspec-mocks (2.14.6)
    rspec-rails (2.14.2)
      actionpack (>= 3.0)
      activemodel (>= 3.0)
      activesupport (>= 3.0)
      railties (>= 3.0)
      rspec-core (~> 2.14.0)
      rspec-expectations (~> 2.14.0)
      rspec-mocks (~> 2.14.0)
    sequel (3.21.0)
    slop (3.6.0)
    spoon (0.0.4)
      ffi
    sqlite3 (1.3.10)
    thor (0.14.6)
    tzinfo (0.3.48)

PLATFORMS
  java
  ruby

DEPENDENCIES
  bson_ext
  bundler
  cucumber
  database_cleaner!
  database_cleaner-sequel!
  guard-rspec
  mongo_ext
  mysql (~> 2.9.1)
  mysql2
  pg
  rake
  rspec-rails (~> 2.14.2)
  sequel (~> 3.21.0)
  sqlite3

BUNDLED WITH
   1.11.2
